PATH
  remote: .
  specs:
    cfn-guardian (0.1.0)
      aws-sdk-cloudformation (~> 1, < 2)
      aws-sdk-cloudwatch (~> 1, < 2)
      aws-sdk-s3 (~> 1, < 2)
      cfndsl (~> 1.0, < 2)
      term-ansicolor (~> 1, < 2)
      terminal-table (~> 1, < 2)
      thor (~> 0.20)

GEM
  remote: https://rubygems.org/
  specs:
    aws-eventstream (1.0.3)
    aws-partitions (1.236.0)
    aws-sdk-cloudformation (1.26.0)
      aws-sdk-core (~> 3, >= 3.71.0)
      aws-sigv4 (~> 1.1)
    aws-sdk-cloudwatch (1.28.0)
      aws-sdk-core (~> 3, >= 3.61.1)
      aws-sigv4 (~> 1.1)
    aws-sdk-core (3.76.0)
      aws-eventstream (~> 1.0, >= 1.0.2)
      aws-partitions (~> 1, >= 1.228.0)
      aws-sigv4 (~> 1.1)
      jmespath (~> 1.0)
    aws-sdk-kms (1.25.0)
      aws-sdk-core (~> 3, >= 3.71.0)
      aws-sigv4 (~> 1.1)
    aws-sdk-s3 (1.53.0)
      aws-sdk-core (~> 3, >= 3.71.0)
      aws-sdk-kms (~> 1)
      aws-sigv4 (~> 1.1)
    aws-sigv4 (1.1.0)
      aws-eventstream (~> 1.0, >= 1.0.2)
    cfndsl (1.0.0)
      hana (~> 1.3)
    hana (1.3.5)
    jmespath (1.4.0)
    rake (10.5.0)
    sync (0.5.0)
    term-ansicolor (1.7.1)
      tins (~> 1.0)
    terminal-table (1.8.0)
      unicode-display_width (~> 1.1, >= 1.1.1)
    thor (0.20.3)
    tins (1.24.0)
      sync
    unicode-display_width (1.6.0)

PLATFORMS
  ruby

DEPENDENCIES
  bundler (~> 2.0)
  cfn-guardian!
  rake (~> 10.0)

BUNDLED WITH
   2.0.2
