PATH
  remote: .
  specs:
    cfn-guardian (0.10.4)
      aws-sdk-cloudformation (~> 1.76, < 2)
      aws-sdk-cloudwatch (~> 1.72, < 2)
      aws-sdk-codecommit (~> 1.53, < 2)
      aws-sdk-codepipeline (~> 1.55, < 2)
      aws-sdk-ec2 (~> 1.371, < 2)
      aws-sdk-rds (~> 1.174, < 2)
      aws-sdk-s3 (~> 1.119, < 2)
      cfndsl (~> 1.0, < 2)
      rexml
      term-ansicolor (~> 1, < 2)
      terminal-table (~> 1, < 2)
      thor (~> 0.20)

GEM
  remote: https://rubygems.org/
  specs:
    aws-eventstream (1.2.0)
    aws-partitions (1.737.0)
    aws-sdk-cloudformation (1.76.0)
      aws-sdk-core (~> 3, >= 3.165.0)
      aws-sigv4 (~> 1.1)
    aws-sdk-cloudwatch (1.72.0)
      aws-sdk-core (~> 3, >= 3.165.0)
      aws-sigv4 (~> 1.1)
    aws-sdk-codecommit (1.53.0)
      aws-sdk-core (~> 3, >= 3.165.0)
      aws-sigv4 (~> 1.1)
    aws-sdk-codepipeline (1.55.0)
      aws-sdk-core (~> 3, >= 3.165.0)
      aws-sigv4 (~> 1.1)
    aws-sdk-core (3.171.0)
      aws-eventstream (~> 1, >= 1.0.2)
      aws-partitions (~> 1, >= 1.651.0)
      aws-sigv4 (~> 1.5)
      jmespath (~> 1, >= 1.6.1)
    aws-sdk-ec2 (1.371.0)
      aws-sdk-core (~> 3, >= 3.165.0)
      aws-sigv4 (~> 1.1)
    aws-sdk-kms (1.63.0)
      aws-sdk-core (~> 3, >= 3.165.0)
      aws-sigv4 (~> 1.1)
    aws-sdk-rds (1.174.0)
      aws-sdk-core (~> 3, >= 3.165.0)
      aws-sigv4 (~> 1.1)
    aws-sdk-s3 (1.119.2)
      aws-sdk-core (~> 3, >= 3.165.0)
      aws-sdk-kms (~> 1)
      aws-sigv4 (~> 1.4)
    aws-sigv4 (1.5.2)
      aws-eventstream (~> 1, >= 1.0.2)
    cfndsl (1.6.0)
      hana (~> 1.3)
    hana (1.3.7)
    jmespath (1.6.2)
    rake (13.0.6)
    rexml (3.2.8)
      strscan (>= 3.0.9)
    strscan (3.1.0)
    sync (0.5.0)
    term-ansicolor (1.7.1)
      tins (~> 1.0)
    terminal-table (1.8.0)
      unicode-display_width (~> 1.1, >= 1.1.1)
    thor (0.20.3)
    tins (1.32.1)
      sync
    unicode-display_width (1.8.0)

PLATFORMS
  x86_64-darwin-21
  x86_64-linux

DEPENDENCIES
  bundler (~> 2.0)
  cfn-guardian!
  rake (~> 13.0)

BUNDLED WITH
   2.3.19
