PATH
  remote: .
  specs:
    cfn-guardian (0.6.0)
      aws-sdk-cloudformation (~> 1.31, < 2)
      aws-sdk-cloudwatch (~> 1.28, < 2)
      aws-sdk-codecommit (~> 1.28, < 2)
      aws-sdk-codepipeline (~> 1.28, < 2)
      aws-sdk-s3 (~> 1.60, < 2)
      cfndsl (~> 1.0, < 2)
      term-ansicolor (~> 1, < 2)
      terminal-table (~> 1, < 2)
      thor (~> 0.20)

GEM
  remote: https://rubygems.org/
  specs:
    aws-eventstream (1.1.0)
    aws-partitions (1.390.0)
    aws-sdk-cloudformation (1.44.0)
      aws-sdk-core (~> 3, >= 3.109.0)
      aws-sigv4 (~> 1.1)
    aws-sdk-cloudwatch (1.40.0)
      aws-sdk-core (~> 3, >= 3.99.0)
      aws-sigv4 (~> 1.1)
    aws-sdk-codecommit (1.36.0)
      aws-sdk-core (~> 3, >= 3.99.0)
      aws-sigv4 (~> 1.1)
    aws-sdk-codepipeline (1.33.0)
      aws-sdk-core (~> 3, >= 3.99.0)
      aws-sigv4 (~> 1.1)
    aws-sdk-core (3.109.2)
      aws-eventstream (~> 1, >= 1.0.2)
      aws-partitions (~> 1, >= 1.239.0)
      aws-sigv4 (~> 1.1)
      jmespath (~> 1.0)
    aws-sdk-kms (1.39.0)
      aws-sdk-core (~> 3, >= 3.109.0)
      aws-sigv4 (~> 1.1)
    aws-sdk-s3 (1.84.0)
      aws-sdk-core (~> 3, >= 3.109.0)
      aws-sdk-kms (~> 1)
      aws-sigv4 (~> 1.1)
    aws-sigv4 (1.2.2)
      aws-eventstream (~> 1, >= 1.0.2)
    cfndsl (1.2.0)
      hana (~> 1.3)
    hana (1.3.6)
    jmespath (1.4.0)
    rake (13.0.1)
    sync (0.5.0)
    term-ansicolor (1.7.1)
      tins (~> 1.0)
    terminal-table (1.8.0)
      unicode-display_width (~> 1.1, >= 1.1.1)
    thor (0.20.3)
    tins (1.25.0)
      sync
    unicode-display_width (1.7.0)

PLATFORMS
  ruby

DEPENDENCIES
  bundler (~> 2.0)
  cfn-guardian!
  rake (~> 13.0)

BUNDLED WITH
   2.0.2
